GEM
  remote: https://rubygems.org/
  specs:
    aws-sdk (2.2.8)
      aws-sdk-resources (= 2.2.8)
    aws-sdk-core (2.2.8)
      jmespath (~> 1.0)
    aws-sdk-resources (2.2.8)
      aws-sdk-core (= 2.2.8)
    jmespath (1.1.3)

PLATFORMS
  ruby

DEPENDENCIES
  aws-sdk (~> 2.0)

BUNDLED WITH
   1.11.2
